GEM
  specs:
    bson (2.3.0)
    connection_pool (2.1.1)
    hashie (2.0.5)
    moped (2.0.3)
      bson (~> 2.2)
      connection_pool (~> 2.0)
      optionable (~> 0.2.0)
    optionable (0.2.0)
    ruby-prof (0.15.3)
    ruby-prof-flamegraph (0.3.0)
      ruby-prof (~> 0.13)

PLATFORMS
  ruby

DEPENDENCIES
  hashie
  moped
  ruby-prof
  ruby-prof-flamegraph
